GIT
  remote: git://github.com/ethul/rake-pipeline-web-filters.git
  revision: 1348e12b0fa488c7530c815e2566af7d861f2248
  branch: feature-tilt-yielding
  specs:
    rake-pipeline-web-filters (0.6.0)
      rack
      rake-pipeline (~> 0.6)

GIT
  remote: https://github.com/livingsocial/rake-pipeline.git
  revision: 961659f592eca500050c884d61c5d1a2da45cf09
  specs:
    rake-pipeline (0.6.0)
      rake (~> 0.9.0)
      thor

GEM
  remote: http://rubygems.org/
  specs:
    POpen4 (0.1.4)
      Platform (>= 0.4.0)
      open4
    Platform (0.4.0)
    commonjs (0.2.5)
    less (2.0.11)
      commonjs (~> 0.2.0)
      therubyracer (~> 0.9.9)
    libv8 (3.3.10.4)
    open4 (1.3.0)
    rack (1.4.1)
    rake (0.9.2.2)
    slim (1.1.1)
      temple (~> 0.4.0)
      tilt (~> 1.3.2)
    temple (0.4.0)
    therubyracer (0.9.10)
      libv8 (~> 3.3.10)
    thor (0.14.6)
    tilt (1.3.3)
    yui-compressor (0.9.6)
      POpen4 (>= 0.1.4)

PLATFORMS
  ruby

DEPENDENCIES
  less
  rack
  rake-pipeline!
  rake-pipeline-web-filters!
  slim
  yui-compressor
